RESTRICTION: >= net461
NUGET
  remote: https://www.nuget.org/api/v2
    Argu (3.2)
    DotLiquid (2.0.64)
    Expecto (4.1)
      Argu (>= 3.2)
      FSharp.Core (>= 3.1.2.5)
      Mono.Cecil (>= 0.9.6.4)
    FAKE.Lib (4.63)
    FSharp.Configuration (1.3)
      FSharp.Core (>= 4.0.0.1)
    FSharp.Control.AsyncSeq (2.0.12)
    FSharp.Core (4.2.2) - redirects: force
    FSharpx.Async (1.13.2)
      FSharp.Control.AsyncSeq
      FSharp.Core
    FSharpx.Collections (1.17)
      FSharp.Core
    FSharpx.Extras (2.2.1)
      FSharpx.Async
      FSharpx.Collections
    Hopac (0.3.23)
      FSharp.Core (>= 3.1.2.5)
    Hopac.Extras (0.3.1)
      Hopac (>= 0.3.21)
    Http.fs (4.1.2)
      FSharp.Core (>= 3.1.2.5)
      Hopac (>= 0.3.21)
    Mono.Cecil (0.10.0-beta6)
    Newtonsoft.Json (10.0.3)
    NodaTime (1.3.2)
    Suave (2.1.1)
      FSharp.Core (>= 4.0.0.1)
    Suave.DotLiquid (2.1.1)
      DotLiquid (>= 2.0.64)
      FSharp.Core (>= 4.0.0.1)
      Suave (>= 2.1.1)
GIT
  remote: https://github.com/RealtyShares/Hopac.Extras.git
     (5d079b997f50c351b7c828294c9812137fba871e)
      path: /source/
GROUP Build-Tools
RESTRICTION: >= net461
NUGET
  remote: https://www.nuget.org/api/v2
    FAKE (4.63)
